GEM
  remote: https://rubygems.org/
  specs:
    nio4r (2.7.4)
    puma (7.1.0)
      nio4r (~> 2.0)
    rack (3.2.3)
    rackup (2.2.1)
      rack (>= 3)

PLATFORMS
  ruby

DEPENDENCIES
  puma
  rack (~> 3.0)
  rackup

BUNDLED WITH
   2.7.2
